GEM
  remote: http://rubygems.org/
  specs:
    activemodel (3.1.1)
      activesupport (= 3.1.1)
      builder (~> 3.0.0)
      i18n (~> 0.6)
    activerecord (3.1.1)
      activemodel (= 3.1.1)
      activesupport (= 3.1.1)
      arel (~> 2.2.1)
      tzinfo (~> 0.3.29)
    activesupport (3.1.1)
      multi_json (~> 1.0)
    arel (2.2.1)
    builder (3.0.0)
    capistrano (2.9.0)
      highline
      net-scp (>= 1.0.0)
      net-sftp (>= 2.0.0)
      net-ssh (>= 2.0.14)
      net-ssh-gateway (>= 1.1.0)
    capistrano-ext (1.2.1)
      capistrano (>= 1.0.0)
    capistrano-ext-rvm (0.0.2)
      capistrano (>= 1.0.0)
    capistrano-ext-rvm-bundler (0.0.2)
      capistrano (>= 1.0.0)
      capistrano-ext-rvm (>= 0.0.1)
    highline (1.6.8)
    i18n (0.6.0)
    multi_json (1.0.3)
    net-scp (1.0.4)
      net-ssh (>= 1.99.1)
    net-sftp (2.0.5)
      net-ssh (>= 2.0.9)
    net-ssh (2.2.1)
    net-ssh-gateway (1.1.0)
      net-ssh (>= 1.99.1)
    pg (0.11.0)
    rubyrep (1.2.0)
      activerecord (>= 3.0.5)
      activesupport (>= 3.0.5)
    tzinfo (0.3.31)

PLATFORMS
  ruby

DEPENDENCIES
  capistrano (= 2.9.0)
  capistrano-ext (= 1.2.1)
  capistrano-ext-rvm-bundler (= 0.0.2)
  pg (= 0.11.0)
  rubyrep (= 1.2.0)
